GIT
  remote: git://github.com/cfeller/oauth-ruby.git
  revision: d4b14d642e0581b811381982fe80781dbdd2ef9f
  branch: master
  specs:
    oauth (0.4.8.pre)

GEM
  remote: http://rubygems.org/
  specs:
    ZenTest (4.9.2)
    activesupport (4.0.0)
      i18n (~> 0.6, >= 0.6.4)
      minitest (~> 4.2)
      multi_json (~> 1.3)
      thread_safe (~> 0.1)
      tzinfo (~> 0.3.37)
    addressable (2.3.5)
    atomic (1.1.10)
    autotest (4.4.6)
      ZenTest (>= 4.4.1)
    columnize (0.3.6)
    crack (0.4.0)
      safe_yaml (~> 0.9.0)
    debugger (1.6.0)
      columnize (>= 0.3.1)
      debugger-linecache (~> 1.2.0)
      debugger-ruby_core_source (~> 1.2.1)
    debugger-linecache (1.2.0)
    debugger-ruby_core_source (1.2.3)
    diff-lcs (1.2.4)
    ethon (0.5.3)
      ffi (~> 1.0.11)
      mime-types (~> 1.18)
    factory_girl (4.2.0)
      activesupport (>= 3.0.0)
    ffi (1.0.11)
    i18n (0.6.4)
    json (1.8.0)
    mime-types (1.23)
    minitest (4.7.5)
    multi_json (1.7.7)
    rspec (2.14.0)
      rspec-core (~> 2.14.0)
      rspec-expectations (~> 2.14.0)
      rspec-mocks (~> 2.14.0)
    rspec-core (2.14.0)
    rspec-expectations (2.14.0)
      diff-lcs (>= 1.1.3, < 2.0)
    rspec-mocks (2.14.0)
    safe_yaml (0.9.3)
    thread_safe (0.1.0)
      atomic
    typhoeus (0.5.1)
      ethon (= 0.5.3)
    tzinfo (0.3.37)
    vcr (2.5.0)
    webmock (1.9.0)
      addressable (>= 2.2.7)
      crack (>= 0.1.7)

PLATFORMS
  ruby

DEPENDENCIES
  autotest
  debugger
  factory_girl
  json
  oauth!
  rspec
  typhoeus (= 0.5.1)
  vcr
  webmock (= 1.9)
